GEM
  remote: https://rubygems.org/
  specs:
    bubble-wrap (1.6.0)
      bubble-wrap-http (= 1.6.0)
    bubble-wrap-http (1.6.0)
    motion-addressbook (1.7.2)
      bubble-wrap (~> 1.3)
    rake (10.3.2)

PLATFORMS
  ruby

DEPENDENCIES
  motion-addressbook
  rake
