GEM
  remote: https://rubygems.org/
  specs:
    bubble-wrap (1.6.0)
      bubble-wrap-http (= 1.6.0)
    bubble-wrap-http (1.6.0)
    dbt (1.1.5)
    motion-addressbook (1.7.2)
      bubble-wrap (~> 1.3)
    motion-kit (0.10.2)
      dbt (~> 1.1.5)
    rake (10.3.2)
    sugarcube (1.6.3)

PLATFORMS
  ruby

DEPENDENCIES
  motion-addressbook
  motion-kit
  rake
  sugarcube
